PATH
  remote: .
  specs:
    kensa (2.0.0rc2)
      launchy (~> 2.0.5)
      mechanize (~> 1.0.0)
      rest-client (~> 1.6.7)
      term-ansicolor (~> 1.0.6)
      test-unit (~> 1.2.3)
      yajl-ruby (~> 0.8.3)

GEM
  remote: http://rubygems.org/
  specs:
    addressable (2.2.6)
    artifice (0.6)
      rack-test
    haml (3.1.3)
    hoe (2.12.3)
      rake (~> 0.8)
    json (1.6.1)
    launchy (2.0.5)
      addressable (~> 2.2.6)
    mechanize (1.0.0)
      nokogiri (>= 1.2.1)
    mime-types (1.16)
    nokogiri (1.5.0)
    rack (1.3.3)
    rack-test (0.6.1)
      rack (>= 1.0)
    rake (0.9.2)
    rest-client (1.6.7)
      mime-types (>= 1.16)
    rr (1.0.4)
    sinatra (1.2.6)
      rack (~> 1.1)
      tilt (< 2.0, >= 1.2.2)
    term-ansicolor (1.0.6)
    test-unit (1.2.3)
      hoe (>= 1.5.1)
    tilt (1.3.3)
    timecop (0.3.5)
    yajl-ruby (0.8.3)

PLATFORMS
  ruby

DEPENDENCIES
  artifice (~> 0.6)
  haml (~> 3.1.3)
  json
  kensa!
  rr (~> 1.0.4)
  sinatra (~> 1.2.6)
  timecop (~> 0.3.5)
